GEM
  remote: https://rubygems.org/
  specs:
    matrix (0.4.2)

PLATFORMS
  arm64-darwin-22
  arm64-darwin-23
  x86_64-darwin-19
  x86_64-darwin-20
  x86_64-darwin-21

DEPENDENCIES
  matrix (~> 0.4.2)

BUNDLED WITH
   2.4.0.dev
